PATH
  remote: .
  specs:
    ramne (0.1.0)

GEM
  remote: https://rubygems.org/
  specs:

PLATFORMS
  ruby

DEPENDENCIES
  ramne!

BUNDLED WITH
   1.15.3
